GEM
  remote: https://rubygems.org/
  specs:
    addressable (2.3.6)
    breakpoint (2.4.2)
      sass (~> 3.3.0)
      sassy-maps (< 1.0.0)
    chunky_png (1.3.1)
    compass (1.0.0.alpha.19)
      chunky_png (~> 1.2)
      compass-core (~> 1.0.0.alpha.19)
      compass-import-once (~> 1.0.3)
      json
      listen (~> 1.1.0)
      sass (>= 3.3.0, < 3.5)
    compass-core (1.0.0.alpha.19)
      multi_json (~> 1.0)
      sass (>= 3.3.0, < 3.5)
    compass-import-once (1.0.4)
      sass (>= 3.2, < 3.5)
    compass-rgbapng (0.2.1)
      chunky_png (>= 0.8.0)
      compass (>= 0.10.0)
    compass-validator (3.0.1)
    css_parser (1.3.5)
      addressable
    ffi (1.9.3)
    json (1.8.1)
    listen (1.1.6)
      rb-fsevent (>= 0.9.3)
      rb-inotify (>= 0.9)
      rb-kqueue (>= 0.2)
    multi_json (1.10.1)
    oily_png (1.1.1)
      chunky_png (~> 1.3.0)
    rb-fsevent (0.9.4)
    rb-inotify (0.9.5)
      ffi (>= 0.5.0)
    rb-kqueue (0.2.3)
      ffi (>= 0.5.0)
    sass (3.3.8)
    sass-globbing (1.1.1)
      sass (>= 3.1)
    sassy-maps (0.4.0)
      sass (~> 3.3)
    singularitygs (1.2.1)
      breakpoint (~> 2.4)
      sass (~> 3.3.0)
    susy (2.1.2)
      sass (~> 3.3.0)
    toolkit (2.3.0)
      sass (~> 3.3.0)

PLATFORMS
  ruby

DEPENDENCIES
  breakpoint (~> 2.4.2)
  compass (~> 1.0.0.alpha.19)
  compass-rgbapng
  compass-validator
  css_parser
  oily_png
  rb-inotify (~> 0.9)
  sass (~> 3.3.8)
  sass-globbing (~> 1.1.1)
  sassy-maps (~> 0.4.0)
  singularitygs (~> 1.2.1)
  susy (~> 2.1.2)
  toolkit (~> 2.3.0)
